GEM
  remote: http://rubygems.org/
  specs:
    addressable (2.4.0)
    anvil-cli (0.16.2)
      progress (~> 2.4, >= 2.4.0)
      rest-client (~> 1.6, >= 1.6.7)
      thor (~> 0.15, >= 0.15.2)
    awesome_print (1.7.0)
    backports (3.6.8)
    domain_name (0.5.20160826)
      unf (>= 0.0.5, < 1.0.0)
    ethon (0.9.0)
      ffi (>= 1.3.0)
    faraday (0.9.2)
      multipart-post (>= 1.2, < 3)
    faraday_middleware (0.10.0)
      faraday (>= 0.7.4, < 0.10)
    ffi (1.9.14)
    gh (0.14.0)
      addressable
      backports
      faraday (~> 0.8)
      multi_json (~> 1.0)
      net-http-persistent (>= 2.7)
      net-http-pipeline
    hammer (0.0.1.pre)
      anvil-cli (~> 0.15)
      thor (~> 0.15.0)
      vise (~> 0.0.1.pre)
    highline (1.7.8)
    http-cookie (1.0.2)
      domain_name (~> 0.5)
    json (2.0.2)
    launchy (2.4.3)
      addressable (~> 2.3)
    mime-types (2.99.2)
    minitest (5.9.0)
    multi_json (1.12.1)
    multipart-post (2.0.0)
    net-http-persistent (2.9.4)
    net-http-pipeline (1.0.1)
    netrc (0.11.0)
    progress (2.4.0)
    pusher-client (0.6.2)
      json
      websocket (~> 1.0)
    rest-client (1.8.0)
      http-cookie (>= 1.0.2, < 2.0)
      mime-types (>= 1.16, < 3.0)
      netrc (~> 0.7)
    thor (0.15.4)
    travis (1.8.2)
      backports
      faraday (~> 0.9)
      faraday_middleware (~> 0.9, >= 0.9.1)
      gh (~> 0.13)
      highline (~> 1.6)
      launchy (~> 2.1)
      pusher-client (~> 0.4)
      typhoeus (~> 0.6, >= 0.6.8)
    typhoeus (0.8.0)
      ethon (>= 0.8.0)
    unf (0.1.4)
      unf_ext
    unf_ext (0.0.7.2)
    vise (0.0.1.pre)
    websocket (1.2.3)

PLATFORMS
  ruby

DEPENDENCIES
  awesome_print
  hammer
  minitest
  travis

BUNDLED WITH
   1.12.5
